PATH
  remote: .
  specs:
    method_fallback (0.1.1)

GEM
  remote: https://rubygems.org/
  specs:
    docile (1.3.1)
    json (2.1.0)
    minitest (5.11.3)
    rake (10.5.0)
    simplecov (0.16.1)
      docile (~> 1.1)
      json (>= 1.8, < 3)
      simplecov-html (~> 0.10.0)
    simplecov-html (0.10.2)
    yard (0.9.16)

PLATFORMS
  ruby

DEPENDENCIES
  bundler (~> 1.16)
  method_fallback!
  minitest (~> 5.0)
  rake (~> 10.0)
  simplecov (~> 0.16)
  yard

BUNDLED WITH
   1.16.4
